GEM
  remote: https://rubygems.org/
  specs:
    actionmailer (3.2.22.2)
      actionpack (= 3.2.22.2)
      mail (~> 2.5.4)
    actionpack (3.2.22.2)
      activemodel (= 3.2.22.2)
      activesupport (= 3.2.22.2)
      builder (~> 3.0.0)
      erubis (~> 2.7.0)
      journey (~> 1.0.4)
      rack (~> 1.4.5)
      rack-cache (~> 1.2)
      rack-test (~> 0.6.1)
      sprockets (~> 2.2.1)
    activemodel (3.2.22.2)
      activesupport (= 3.2.22.2)
      builder (~> 3.0.0)
    activerecord (3.2.22.2)
      activemodel (= 3.2.22.2)
      activesupport (= 3.2.22.2)
      arel (~> 3.0.2)
      tzinfo (~> 0.3.29)
    activeresource (3.2.22.2)
      activemodel (= 3.2.22.2)
      activesupport (= 3.2.22.2)
    activesupport (3.2.22.2)
      i18n (~> 0.6, >= 0.6.4)
      multi_json (~> 1.0)
    arel (3.0.3)
    authlogic (3.4.6)
      activerecord (>= 3.2)
      activesupport (>= 3.2)
      request_store (~> 1.0)
      scrypt (>= 1.2, < 3.0)
    builder (3.0.4)
    chronic (0.10.2)
    coffee-rails (3.2.2)
      coffee-script (>= 2.2.0)
      railties (~> 3.2.0)
    coffee-script (2.4.1)
      coffee-script-source
      execjs
    coffee-script-source (1.10.0)
    curb (0.9.3)
    daemons (1.2.3)
    delayed_job (4.1.1)
      activesupport (>= 3.0, < 5.0)
    delayed_job_active_record (4.1.0)
      activerecord (>= 3.0, < 5)
      delayed_job (>= 3.0, < 5)
    erubis (2.7.0)
    execjs (2.6.0)
    feedjira (1.6.0)
      curb (~> 0.8)
      loofah (~> 2.0)
      sax-machine (~> 1.0)
    ffi (1.9.10)
    ffi-compiler (0.1.3)
      ffi (>= 1.0.0)
      rake
    foreigner (1.7.4)
      activerecord (>= 3.0.0)
    guess_html_encoding (0.0.11)
    hike (1.2.3)
    i18n (0.7.0)
    innertube (1.1.0)
    jbuilder (2.4.1)
      activesupport (>= 3.0.0, < 5.1)
      multi_json (~> 1.2)
    joiner (0.2.0)
      activerecord (>= 3.1.0, < 4.1.0)
    journey (1.0.4)
    jquery-rails (3.1.4)
      railties (>= 3.0, < 5.0)
      thor (>= 0.14, < 2.0)
    json (1.8.3)
    loofah (2.0.3)
      nokogiri (>= 1.5.9)
    mail (2.5.4)
      mime-types (~> 1.16)
      treetop (~> 1.4.8)
    middleware (0.1.0)
    mime-types (1.25.1)
    mini_portile2 (2.0.0)
    multi_json (1.11.3)
    mysql2 (0.3.14)
    newrelic_rpm (3.15.2.317)
    nifty-generators (0.4.6)
    nokogiri (1.6.7.2)
      mini_portile2 (~> 2.0.0.rc2)
    polyglot (0.3.5)
    rack (1.4.7)
    rack-cache (1.6.1)
      rack (>= 0.4)
    rack-ssl (1.3.4)
      rack
    rack-test (0.6.3)
      rack (>= 1.0)
    rails (3.2.22.2)
      actionmailer (= 3.2.22.2)
      actionpack (= 3.2.22.2)
      activerecord (= 3.2.22.2)
      activeresource (= 3.2.22.2)
      activesupport (= 3.2.22.2)
      bundler (~> 1.0)
      railties (= 3.2.22.2)
    rails3-jquery-autocomplete (1.0.15)
      rails (>= 3.2)
    railties (3.2.22.2)
      actionpack (= 3.2.22.2)
      activesupport (= 3.2.22.2)
      rack-ssl (~> 1.3.2)
      rake (>= 0.8.7)
      rdoc (~> 3.4)
      thor (>= 0.14.6, < 2.0)
    rake (11.1.2)
    rdoc (3.12.2)
      json (~> 1.4)
    request_store (1.3.1)
    riddle (1.5.12)
    ruby-readability (0.7.0)
      guess_html_encoding (>= 0.0.4)
      nokogiri (>= 1.6.0)
    sass (3.4.22)
    sass-rails (3.2.6)
      railties (~> 3.2.0)
      sass (>= 3.1.10)
      tilt (~> 1.3)
    sax-machine (1.3.2)
    scrypt (2.1.1)
      ffi-compiler (>= 0.0.2)
      rake
    sprockets (2.2.3)
      hike (~> 1.2)
      multi_json (~> 1.0)
      rack (~> 1.0)
      tilt (~> 1.1, != 1.3.0)
    thinking-sphinx (3.1.4)
      activerecord (>= 3.1.0)
      builder (>= 2.1.2)
      innertube (>= 1.0.2)
      joiner (>= 0.2.0)
      middleware (>= 0.1.0)
      riddle (>= 1.5.11)
    thor (0.19.1)
    tilt (1.4.1)
    treetop (1.4.15)
      polyglot
      polyglot (>= 0.3.1)
    tzinfo (0.3.49)
    uglifier (3.0.0)
      execjs (>= 0.3.0, < 3)
    whenever (0.9.4)
      chronic (>= 0.6.3)

PLATFORMS
  ruby

DEPENDENCIES
  authlogic
  coffee-rails (~> 3.2.1)
  daemons
  delayed_job_active_record
  feedjira (= 1.6.0)
  foreigner
  jbuilder
  jquery-rails
  mysql2 (= 0.3.14)
  newrelic_rpm
  nifty-generators
  rails (= 3.2.22.2)
  rails3-jquery-autocomplete
  ruby-readability
  sass-rails (~> 3.2.3)
  thinking-sphinx
  uglifier (>= 1.0.3)
  whenever

BUNDLED WITH
   1.11.2
